GEM
  remote: https://rubygems.org/
  specs:
    actionpack (5.2.8.1)
      actionview (= 5.2.8.1)
      activesupport (= 5.2.8.1)
      rack (~> 2.0, >= 2.0.8)
      rack-test (>= 0.6.3)
      rails-dom-testing (~> 2.0)
      rails-html-sanitizer (~> 1.0, >= 1.0.2)
    actionview (5.2.8.1)
      activesupport (= 5.2.8.1)
      builder (~> 3.1)
      erubi (~> 1.4)
      rails-dom-testing (~> 2.0)
      rails-html-sanitizer (~> 1.0, >= 1.0.3)
    activesupport (5.2.8.1)
      concurrent-ruby (~> 1.0, >= 1.0.2)
      i18n (>= 0.7, < 2)
      minitest (~> 5.1)
      tzinfo (~> 1.1)
    ansi (1.5.0)
    ast (2.4.2)
    axiom-types (0.1.1)
      descendants_tracker (~> 0.0.4)
      ice_nine (~> 0.11.0)
      thread_safe (~> 0.3, >= 0.3.1)
    backports (3.23.0)
    backtrace (0.3.0)
    builder (3.2.4)
    codecov (0.6.0)
      simplecov (>= 0.15, < 0.22)
    coercible (1.0.0)
      descendants_tracker (~> 0.0.1)
    concurrent-ruby (1.1.10)
    crass (1.0.6)
    descendants_tracker (0.0.4)
      thread_safe (~> 0.3, >= 0.3.1)
    diff-lcs (1.5.0)
    differ (0.1.2)
    docile (1.4.0)
    erubi (1.11.0)
    fakesmtpd (0.3.1)
    faraday (0.17.6)
      multipart-post (>= 1.2, < 3)
    faraday_middleware (0.14.0)
      faraday (>= 0.7.4, < 1.0)
    ffi (1.15.5)
    geoplugin (0.3.1)
      faraday
      ipaddress
      json
    get_process_mem (0.2.7)
      ffi (~> 1.0)
    glogin (0.5.0)
    gserver (0.0.1)
    haml (5.1.0)
      temple (>= 0.8.0)
      tilt
    i18n (1.12.0)
      concurrent-ruby (~> 1.0)
    ice_nine (0.11.2)
    ipaddress (0.8.3)
    iri (0.5.0)
    jaro_winkler (1.5.4)
    json (2.6.3)
    liquid (4.0.1)
    listen (3.7.1)
      rb-fsevent (~> 0.10, >= 0.10.3)
      rb-inotify (~> 0.9, >= 0.9.10)
    loofah (2.19.1)
      crass (~> 1.0.2)
      nokogiri (>= 1.5.9)
    loog (0.2.1)
    mail (2.7.1)
      mini_mime (>= 0.1.1)
    method_source (1.0.0)
    mini_mime (1.1.2)
    mini_portile2 (2.8.0)
    minitest (5.11.3)
    minitest-reporters (1.3.6)
      ansi
      builder
      minitest (>= 5.0)
      ruby-progressbar
    multi_json (1.15.0)
    multipart-post (2.2.3)
    mustermann (1.1.2)
      ruby2_keywords (~> 0.0.1)
    nokogiri (1.13.10)
      mini_portile2 (~> 2.8.0)
      racc (~> 1.4)
    nokogiri (1.13.10-x86_64-darwin)
      racc (~> 1.4)
    parallel (1.22.1)
    parser (3.1.3.0)
      ast (~> 2.4.1)
    pg (1.4.5)
    pgtk (0.7.5)
      backtrace (~> 0.3)
      loog (~> 0.2)
      pg (~> 1.1)
      random-port (~> 0.3)
    powerpack (0.1.3)
    racc (1.6.1)
    rack (2.1.4)
    rack-protection (2.0.5)
      rack
    rack-ssl (1.4.1)
      rack
    rack-test (1.1.0)
      rack (>= 1.0, < 3)
    rails-dom-testing (2.0.3)
      activesupport (>= 4.2.0)
      nokogiri (>= 1.6)
    rails-html-sanitizer (1.4.4)
      loofah (~> 2.19, >= 2.19.1)
    railties (5.2.8.1)
      actionpack (= 5.2.8.1)
      activesupport (= 5.2.8.1)
      method_source
      rake (>= 0.8.7)
      thor (>= 0.19.0, < 2.0)
    rainbow (3.1.1)
    rake (12.3.3)
    random-port (0.3.1)
    rb-fsevent (0.11.2)
    rb-inotify (0.10.1)
      ffi (~> 1.0)
    redcarpet (3.4.0)
    rerun (0.13.0)
      listen (~> 3.0)
    rspec-core (3.8.2)
      rspec-support (~> 3.8.0)
    rspec-expectations (3.8.6)
      diff-lcs (>= 1.2.0, < 2.0)
      rspec-support (~> 3.8.0)
    rspec-mocks (3.8.2)
      diff-lcs (>= 1.2.0, < 2.0)
      rspec-support (~> 3.8.0)
    rspec-rails (3.8.1)
      actionpack (>= 3.0)
      activesupport (>= 3.0)
      railties (>= 3.0)
      rspec-core (~> 3.8.0)
      rspec-expectations (~> 3.8.0)
      rspec-mocks (~> 3.8.0)
      rspec-support (~> 3.8.0)
    rspec-support (3.8.3)
    rubocop (0.62.0)
      jaro_winkler (~> 1.5.1)
      parallel (~> 1.10)
      parser (>= 2.5, != 2.5.1.1)
      powerpack (~> 0.1)
      rainbow (>= 2.2.2, < 4.0)
      ruby-progressbar (~> 1.7)
      unicode-display_width (~> 1.4.0)
    rubocop-rspec (1.30.1)
      rubocop (>= 0.60.0)
    ruby-progressbar (1.11.0)
    ruby2_keywords (0.0.5)
    sass (3.7.2)
      sass-listen (~> 4.0.0)
    sass-listen (4.0.0)
      rb-fsevent (~> 0.9, >= 0.9.4)
      rb-inotify (~> 0.9, >= 0.9.7)
    sentry-raven (2.7.4)
      faraday (>= 0.7.6, < 1.0)
    simplecov (0.21.2)
      docile (~> 1.1)
      simplecov-html (~> 0.11)
      simplecov_json_formatter (~> 0.1)
    simplecov-html (0.12.3)
    simplecov_json_formatter (0.1.4)
    sinatra (2.0.5)
      mustermann (~> 1.0)
      rack (~> 2.0)
      rack-protection (= 2.0.5)
      tilt (~> 2.0)
    sinatra-contrib (2.0.5)
      backports (>= 2.8.2)
      multi_json
      mustermann (~> 1.0)
      rack-protection (= 2.0.5)
      sinatra (= 2.0.5)
      tilt (>= 1.3, < 3)
    slop (4.9.3)
    sprockets (3.7.2)
      concurrent-ruby (~> 1.0)
      rack (> 1, < 3)
    telebot (0.1.2)
      faraday
      faraday_middleware
      virtus
    temple (0.9.1)
    thor (1.2.1)
    thread_safe (0.3.6)
    threads (0.3.0)
      backtrace (~> 0)
      concurrent-ruby (~> 1.0)
    tilt (2.0.11)
    time_difference (0.7.0)
      activesupport (~> 5.1)
    total (0.3.0)
    tzinfo (1.2.10)
      thread_safe (~> 0.1)
    unicode-display_width (1.4.1)
    uuidtools (2.1.5)
    virtus (2.0.0)
      axiom-types (~> 0.1)
      coercible (~> 1.0)
      descendants_tracker (~> 0.0, >= 0.0.3)
    xcop (0.6)
      differ (~> 0.1.2)
      nokogiri (~> 1.8)
      rainbow (~> 3.0)
      slop (~> 4.4)
    zache (0.12.0)

PLATFORMS
  ruby
  x86_64-darwin-16
  x86_64-darwin-17
  x86_64-darwin-18
  x86_64-darwin-19

DEPENDENCIES
  codecov (= 0.6.0)
  fakesmtpd (= 0.3.1)
  geoplugin (= 0.3.1)
  get_process_mem (~> 0.2)
  glogin (= 0.5.0)
  gserver (= 0.0.1)
  haml (= 5.1.0)
  iri (= 0.5.0)
  liquid (= 4.0.1)
  loog (= 0.2.1)
  mail (= 2.7.1)
  minitest (= 5.11.3)
  minitest-reporters (= 1.3.6)
  pgtk (= 0.7.5)
  rack (= 2.1.4)
  rack-ssl (= 1.4.1)
  rack-test (= 1.1.0)
  rake (= 12.3.3)
  random-port (= 0.3.1)
  redcarpet (= 3.4.0)
  rerun (= 0.13.0)
  rspec-rails (= 3.8.1)
  rubocop (= 0.62.0)
  rubocop-rspec (= 1.30.1)
  sass (= 3.7.2)
  sentry-raven (= 2.7.4)
  sinatra (= 2.0.5)
  sinatra-contrib (= 2.0.5)
  sprockets (= 3.7.2)
  telebot (= 0.1.2)
  threads (= 0.3.0)
  time_difference (= 0.7.0)
  total (>= 0.2.0)
  uuidtools (= 2.1.5)
  xcop (= 0.6)
  zache (>= 0.12.0)

BUNDLED WITH
   1.17.3
